PATH
  remote: .
  specs:
    backup2everbox (0.0.2)
      activesupport
      backup
      oauth
      rest-client

GEM
  remote: http://rubygems.org/
  specs:
    activemodel (3.0.3)
      activesupport (= 3.0.3)
      builder (~> 2.1.2)
      i18n (~> 0.4)
    activerecord (3.0.3)
      activemodel (= 3.0.3)
      activesupport (= 3.0.3)
      arel (~> 2.0.2)
      tzinfo (~> 0.3.23)
    activesupport (3.0.3)
    arel (2.0.7)
    backup (2.4.4)
      activerecord (>= 2.3.5)
      cloudfiles (>= 1.4.7)
      dropbox (>= 1.1.2)
      fog (~> 0.3.5)
      hirb (>= 0.2.9)
      json_pure (~> 1.4.6)
      net-scp (>= 1.0.2)
      net-sftp (>= 2.0.4)
      net-ssh (>= 2.0.15)
      pony (>= 0.5)
      sqlite3-ruby (>= 1.2.5)
    builder (2.1.2)
    cloudfiles (1.4.10)
      mime-types (>= 1.16)
    dropbox (1.2.3)
      json (>= 1.2.0)
      mechanize (>= 1.0.0)
      multipart-post (>= 1.0)
      oauth (>= 0.3.6)
    excon (0.4.0)
    fog (0.3.34)
      builder
      excon (>= 0.3.6)
      formatador (>= 0.0.16)
      json
      mime-types
      net-ssh (>= 2.0.23)
      nokogiri (>= 1.4.4)
      ruby-hmac
    formatador (0.0.16)
    hirb (0.3.6)
    i18n (0.5.0)
    json (1.5.1)
    json_pure (1.4.6)
    mail (2.2.15)
      activesupport (>= 2.3.6)
      i18n (>= 0.4.0)
      mime-types (~> 1.16)
      treetop (~> 1.4.8)
    mechanize (1.0.0)
      nokogiri (>= 1.2.1)
    mime-types (1.16)
    multipart-post (1.1.0)
    net-scp (1.0.4)
      net-ssh (>= 1.99.1)
    net-sftp (2.0.5)
      net-ssh (>= 2.0.9)
    net-ssh (2.1.0)
    nokogiri (1.4.4)
    oauth (0.4.4)
    polyglot (0.3.1)
    pony (1.1)
      mail (> 2.0)
    rest-client (1.6.1)
      mime-types (>= 1.16)
    ruby-hmac (0.4.0)
    sqlite3 (1.3.3)
    sqlite3-ruby (1.3.3)
      sqlite3 (>= 1.3.3)
    treetop (1.4.9)
      polyglot (>= 0.3.1)
    tzinfo (0.3.24)

PLATFORMS
  ruby

DEPENDENCIES
  activesupport
  backup
  backup2everbox!
  oauth
  rest-client
